PATH
  remote: .
  specs:
    moshy (0.1.0)
      aviglitch
      slop

GEM
  remote: https://rubygems.org/
  specs:
    aviglitch (0.1.5)
    rake (10.4.2)
    slop (4.2.0)

PLATFORMS
  ruby

DEPENDENCIES
  bundler (~> 1.6)
  moshy!
  rake
